PATH
  remote: .
  specs:
    Putio (0.0.0)

GEM
  remote: http://rubygems.org/
  specs:
    shoulda (2.11.3)

PLATFORMS
  ruby

DEPENDENCIES
  Putio!
  shoulda (= 2.11.3)
