PATH
  remote: .
  specs:
    Putio (0.0.0)

GEM
  remote: http://rubygems.org/
  specs:
    fakeweb (1.3.0)
    shoulda (2.11.3)

PLATFORMS
  ruby

DEPENDENCIES
  Putio!
  fakeweb (= 1.3.0)
  shoulda (= 2.11.3)
