PATH
  remote: .
  specs:
    putio (0.0.0)
      crack (= 0.1.8)
      json (= 1.4.6)

GEM
  remote: http://rubygems.org/
  specs:
    crack (0.1.8)
    json (1.4.6)
    omg (0.0.6)
    shoulda (2.11.3)

PLATFORMS
  ruby

DEPENDENCIES
  crack (= 0.1.8)
  json (= 1.4.6)
  omg
  putio!
  shoulda (= 2.11.3)
