PATH
  remote: .
  specs:
    putio (0.0.1)
      crack (= 0.1.8)
      hashie (= 0.4.0)
      json (= 1.4.6)

GEM
  remote: http://rubygems.org/
  specs:
    crack (0.1.8)
    fakeweb (1.3.0)
    hashie (0.4.0)
    json (1.4.6)
    shoulda (2.11.3)

PLATFORMS
  ruby

DEPENDENCIES
  crack (= 0.1.8)
  fakeweb (= 1.3.0)
  hashie (= 0.4.0)
  json (= 1.4.6)
  putio!
  shoulda (= 2.11.3)
